GEM
  remote: https://rubygems.org/
  specs:
    activesupport (5.0.0.1)
      concurrent-ruby (~> 1.0, >= 1.0.2)
      i18n (~> 0.7)
      minitest (~> 5.1)
      tzinfo (~> 1.1)
    akami (1.3.1)
      gyoku (>= 0.4.0)
      nokogiri
    bindata (2.3.4)
    bravtroller (1.0.0)
      easy_upnp (~> 1.1)
    builder (3.2.2)
    color (1.8)
    concurrent-ruby (1.0.2)
    crack (0.4.3)
      safe_yaml (~> 1.0.0)
    easy_upnp (1.1.11)
      nokogiri (~> 1.6)
      rake
      rubyntlm (~> 0.3)
      savon (~> 2.11)
    gyoku (1.3.1)
      builder (>= 2.1.2)
    httpi (2.4.2)
      rack
      socksify
    i18n (0.7.0)
    ipaddress (0.8.3)
    ledenet_api (1.4.2)
      bindata (>= 2.3)
      ipaddress (>= 0.8)
    limitless-led (0.2.1)
      activesupport
      color
      rainbow
    mini_portile2 (2.1.0)
    minitest (5.9.1)
    multi_json (1.12.1)
    net-ping (2.0.1)
    nokogiri (1.6.8.1)
      mini_portile2 (~> 2.1.0)
    nori (2.6.0)
    puma (3.6.0)
    rack (1.6.5)
    rack-protection (1.5.3)
      rack
    rainbow (2.1.0)
    rake (11.3.0)
    ruby-enum (0.5.0)
      i18n
    rubyntlm (0.6.1)
    safe_yaml (1.0.4)
    savon (2.11.1)
      akami (~> 1.2)
      builder (>= 2.1.2)
      gyoku (~> 1.2)
      httpi (~> 2.3)
      nokogiri (>= 1.4.0)
      nori (~> 2.4)
      wasabi (~> 3.4)
    sinatra (1.4.7)
      rack (~> 1.5)
      rack-protection (~> 1.4)
      tilt (>= 1.3, < 3)
    sinatra-json (0.1.0)
      multi_json (~> 1.0)
      sinatra (~> 1.0)
    sinatra-param (1.4.0)
      sinatra (~> 1.3)
    socksify (1.7.0)
    thread (0.2.2)
    thread_safe (0.3.5)
    tilt (2.0.5)
    tzinfo (1.2.2)
      thread_safe (~> 0.1)
    wasabi (3.5.0)
      httpi (~> 2.0)
      nokogiri (>= 1.4.2)

PLATFORMS
  ruby

DEPENDENCIES
  activesupport
  bravtroller (~> 1.0)
  color
  crack
  easy_upnp
  ledenet_api (>= 1.0.0)
  limitless-led
  net-ping
  puma
  ruby-enum
  sinatra
  sinatra-json
  sinatra-param
  thread

BUNDLED WITH
   1.13.1
